PATH
  remote: .
  specs:
    pws (1.0.1)
      clipboard (~> 1.0.1)
      paint (>= 0.8.4)
      pbkdf2
      zucker (>= 12.1)

GEM
  remote: http://rubygems.org/
  specs:
    aruba (0.4.11)
      childprocess (>= 0.2.3)
      cucumber (>= 1.1.1)
      ffi (>= 1.0.11)
      rspec (>= 2.7.0)
    awesome_print (1.0.2)
    bond (0.4.2)
    boson (1.1.1)
    builder (3.0.0)
    childprocess (0.3.2)
      ffi (~> 1.0.6)
    clipboard (1.0.1)
    coderay (1.0.6)
    cucumber (1.2.0)
      builder (>= 2.1.2)
      diff-lcs (>= 1.1.3)
      gherkin (~> 2.10.0)
      json (>= 1.4.6)
    diff-lcs (1.1.3)
    every_day_irb (1.2.2)
    fancy_irb (0.7.2)
      paint (>= 0.8.1)
      unicode-display_width (>= 0.1.1)
    ffi (1.0.11)
    g (1.6.0)
      ruby_gntp
    gem-man (0.3.0)
    gherkin (2.10.0)
      json (>= 1.4.6)
    guard (1.0.3)
      ffi (>= 0.5.0)
      thor (>= 0.14.6)
    guard-cucumber (0.8.0)
      cucumber (>= 1.2.0)
      guard (>= 0.8.3)
    guard-rspec (0.7.3)
      guard (>= 0.10.0)
    hirb (0.6.2)
    interactive_editor (0.0.10)
      spoon (>= 0.0.1)
    irbtools (1.2.2)
      awesome_print (~> 1.0.2)
      boson (~> 1.1.1)
      clipboard (~> 1.0.1)
      coderay (~> 1.0.5)
      every_day_irb (>= 1.2.2)
      fancy_irb (>= 0.7.2)
      g (>= 1.5.0)
      hirb (~> 0.6.1)
      interactive_editor (>= 0.0.10)
      method_locator (>= 0.0.4)
      method_source (>= 0.7.0)
      methodfinder (>= 1.2.5)
      ori (~> 0.1.0)
      paint (>= 0.8.4)
      sketches (>= 0.1.1)
      wirb (>= 0.4.2)
      zucker (>= 12.1)
    json (1.7.3)
    method_locator (0.0.4)
    method_source (0.7.1)
    methodfinder (1.2.5)
    ori (0.1.0)
    paint (0.8.4)
    pbkdf2 (0.1.0)
    rake (0.9.2.2)
    ripl (0.6.4)
      bond (~> 0.4.0)
    ripl-after_rc (0.1.0)
      ripl (>= 0.2.0)
    ripl-auto_indent (0.2.0)
      ripl (>= 0.6.0)
      ripl-multi_line (>= 0.3.0)
      ruby_indentation (>= 0.2.0)
    ripl-color_error (0.1.1)
      ripl (>= 0.2.0)
    ripl-color_result (0.4.1)
      ripl (>= 0.4.1)
      wirb (>= 0.4.0)
    ripl-color_streams (0.1.2)
      ripl (>= 0.2.8)
    ripl-commands (0.2.1)
      ripl (>= 0.2.9)
    ripl-i18n (0.3.2)
      ripl (>= 0.5.0)
    ripl-multi_line (0.3.0)
      ripl (>= 0.3.6)
    ripl-play (0.2.1)
      ripl (>= 0.3.0)
    ripl-profiles (0.2.1)
      ripl (>= 0.3.6)
    ripl-short_errors (0.1.0)
      ripl (>= 0.2.8)
    ripltools (0.6.0)
      gem-man (~> 0.3.0)
      hirb (~> 0.6.0)
      ripl (~> 0.6.0)
      ripl-after_rc (~> 0.1.0)
      ripl-auto_indent (~> 0.2.0)
      ripl-color_error (~> 0.1.0)
      ripl-color_result (~> 0.4.0)
      ripl-color_streams (~> 0.1.2)
      ripl-commands (~> 0.2.1)
      ripl-i18n (~> 0.3.0)
      ripl-multi_line (~> 0.3.0)
      ripl-play (~> 0.2.1)
      ripl-profiles (~> 0.2.1)
      ripl-short_errors (~> 0.1.0)
    rspec (2.10.0)
      rspec-core (~> 2.10.0)
      rspec-expectations (~> 2.10.0)
      rspec-mocks (~> 2.10.0)
    rspec-core (2.10.1)
    rspec-expectations (2.10.0)
      diff-lcs (~> 1.1.3)
    rspec-mocks (2.10.1)
    ruby_gntp (0.3.4)
    ruby_indentation (0.2.0)
      coderay (~> 1.0.5)
    sketches (0.1.1)
    spoon (0.0.1)
    thor (0.15.2)
    unicode-display_width (0.1.1)
    wirb (0.4.2)
    zucker (12.1)

PLATFORMS
  ruby

DEPENDENCIES
  aruba
  cucumber
  guard-cucumber
  guard-rspec
  irbtools
  pws!
  rake
  ripltools
  rspec
